PATH
  remote: .
  specs:
    holidays (8.8.0)

GEM
  remote: https://rubygems.org/
  specs:
    coderay (1.1.3)
    docile (1.4.0)
    method_source (1.0.0)
    mocha (1.12.0)
    power_assert (2.0.0)
    pry (0.14.1)
      coderay (~> 1.1)
      method_source (~> 1.0)
    rake (12.3.3)
    simplecov (0.21.2)
      docile (~> 1.1)
      simplecov-html (~> 0.11)
      simplecov_json_formatter (~> 0.1)
    simplecov-html (0.12.3)
    simplecov_json_formatter (0.1.3)
    test-unit (3.4.2)
      power_assert

PLATFORMS
  arm64-darwin-21
  arm64-darwin-22
  x86_64-darwin-24
  x86_64-linux

DEPENDENCIES
  bundler (~> 2)
  holidays!
  mocha (~> 1)
  pry (~> 0.12)
  rake (~> 12)
  simplecov (~> 0.16)
  test-unit (~> 3)

BUNDLED WITH
   2.3.4
